PATH
  remote: .
  specs:
    acts_as_revisable (1.2.0)
      activerecord (~> 4.1.16)
      activesupport (~> 4.1.16)

GEM
  remote: https://rubygems.org/
  specs:
    activemodel (4.1.16)
      activesupport (= 4.1.16)
      builder (~> 3.1)
    activerecord (4.1.16)
      activemodel (= 4.1.16)
      activesupport (= 4.1.16)
      arel (~> 5.0.0)
    activesupport (4.1.16)
      i18n (~> 0.6, >= 0.6.9)
      json (~> 1.7, >= 1.7.7)
      minitest (~> 5.1)
      thread_safe (~> 0.1)
      tzinfo (~> 1.1)
    arel (5.0.1.20140414130214)
    builder (3.2.2)
    coderay (1.0.8)
    diff-lcs (1.2.5)
    ffi (1.0.11)
    growl (1.0.3)
    guard (1.2.1)
      listen (>= 0.4.2)
      thor (>= 0.14.6)
    guard-rspec (1.1.0)
      guard (>= 1.1)
    i18n (0.7.0)
    json (1.8.3)
    listen (0.4.7)
      rb-fchange (~> 0.0.5)
      rb-fsevent (~> 0.9.1)
      rb-inotify (~> 0.8.8)
    method_source (0.8.1)
    minitest (5.9.1)
    pry (0.9.10)
      coderay (~> 1.0.5)
      method_source (~> 0.8)
      slop (~> 3.3.1)
    rake (0.9.2.2)
    rb-fchange (0.0.5)
      ffi
    rb-fsevent (0.9.1)
    rb-inotify (0.8.8)
      ffi (>= 0.5.0)
    rspec (2.14.1)
      rspec-core (~> 2.14.0)
      rspec-expectations (~> 2.14.0)
      rspec-mocks (~> 2.14.0)
    rspec-core (2.14.8)
    rspec-expectations (2.14.5)
      diff-lcs (>= 1.1.3, < 2.0)
    rspec-mocks (2.14.6)
    slop (3.3.3)
    sqlite3 (1.3.12)
    thor (0.15.3)
    thread_safe (0.3.5)
    tzinfo (1.2.2)
      thread_safe (~> 0.1)

PLATFORMS
  ruby

DEPENDENCIES
  acts_as_revisable!
  growl (~> 1.0.3)
  guard-rspec (~> 1.1.0)
  pry
  rake (~> 0.9.2)
  rb-fsevent (~> 0.9.1)
  rspec (~> 2.14.1)
  sqlite3 (~> 1.3.12)

BUNDLED WITH
   1.12.5
