PATH
  remote: .
  specs:
    acts_as_revisable (1.2.0)
      activerecord (= 4.0.13)
      activesupport (= 4.0.13)

GEM
  remote: http://rubygems.org/
  specs:
    activemodel (4.0.13)
      activesupport (= 4.0.13)
      builder (~> 3.1.0)
    activerecord (4.0.13)
      activemodel (= 4.0.13)
      activerecord-deprecated_finders (~> 1.0.2)
      activesupport (= 4.0.13)
      arel (~> 4.0.0)
    activerecord-deprecated_finders (1.0.4)
    activesupport (4.0.13)
      i18n (~> 0.6, >= 0.6.9)
      minitest (~> 4.2)
      multi_json (~> 1.3)
      thread_safe (~> 0.1)
      tzinfo (~> 0.3.37)
    arel (4.0.2)
    builder (3.1.4)
    coderay (1.0.8)
    diff-lcs (1.1.3)
    ffi (1.0.11)
    growl (1.0.3)
    guard (1.2.1)
      listen (>= 0.4.2)
      thor (>= 0.14.6)
    guard-rspec (1.1.0)
      guard (>= 1.1)
    i18n (0.7.0)
    listen (0.4.7)
      rb-fchange (~> 0.0.5)
      rb-fsevent (~> 0.9.1)
      rb-inotify (~> 0.8.8)
    method_source (0.8.1)
    minitest (4.7.5)
    multi_json (1.12.1)
    pry (0.9.10)
      coderay (~> 1.0.5)
      method_source (~> 0.8)
      slop (~> 3.3.1)
    rake (0.9.2.2)
    rb-fchange (0.0.5)
      ffi
    rb-fsevent (0.9.1)
    rb-inotify (0.8.8)
      ffi (>= 0.5.0)
    rspec (2.10.0)
      rspec-core (~> 2.10.0)
      rspec-expectations (~> 2.10.0)
      rspec-mocks (~> 2.10.0)
    rspec-core (2.10.1)
    rspec-expectations (2.10.0)
      diff-lcs (~> 1.1.3)
    rspec-mocks (2.10.1)
    slop (3.3.3)
    sqlite3 (1.3.6)
    thor (0.15.3)
    thread_safe (0.3.5)
    tzinfo (0.3.52)

PLATFORMS
  ruby

DEPENDENCIES
  acts_as_revisable!
  growl (~> 1.0.3)
  guard-rspec (~> 1.1.0)
  pry
  rake (~> 0.9.2)
  rb-fsevent (~> 0.9.1)
  rspec (~> 2.10.0)
  sqlite3 (~> 1.3.6)

BUNDLED WITH
   1.12.5
